GEM
  remote: https://rubygems.org/
  specs:
    ast (2.4.2)
    childprocess (4.1.0)
    diff-lcs (1.4.4)
    ffi (1.15.4-x64-mingw32)
    nokogiri (1.12.5-x64-mingw32)
      racc (~> 1.4)
    parallel (1.21.0)
    parser (3.0.3.2)
      ast (~> 2.4.1)
    racc (1.6.0)
    rainbow (3.0.0)
    regexp_parser (2.2.0)
    rexml (3.2.5)
    rspec (3.10.0)
      rspec-core (~> 3.10.0)
      rspec-expectations (~> 3.10.0)
      rspec-mocks (~> 3.10.0)
    rspec-core (3.10.1)
      rspec-support (~> 3.10.0)
    rspec-expectations (3.10.1)
      diff-lcs (>= 1.2.0, < 2.0)
      rspec-support (~> 3.10.0)
    rspec-mocks (3.10.2)
      diff-lcs (>= 1.2.0, < 2.0)
      rspec-support (~> 3.10.0)
    rspec-support (3.10.3)
    rubocop (1.23.0)
      parallel (~> 1.10)
      parser (>= 3.0.0.0)
      rainbow (>= 2.2.2, < 4.0)
      regexp_parser (>= 1.8, < 3.0)
      rexml
      rubocop-ast (>= 1.12.0, < 2.0)
      ruby-progressbar (~> 1.7)
      unicode-display_width (>= 1.4.0, < 3.0)
    rubocop-ast (1.15.0)
      parser (>= 3.0.1.1)
    ruby-progressbar (1.11.0)
    rubyzip (2.3.2)
    selenium-webdriver (4.1.0)
      childprocess (>= 0.5, < 5.0)
      rexml (~> 3.2, >= 3.2.5)
      rubyzip (>= 1.2.2)
    unicode-display_width (2.1.0)
    watir (7.1.0)
      regexp_parser (>= 1.2, < 3)
      selenium-webdriver (~> 4.0)
    webdrivers (5.0.0)
      nokogiri (~> 1.6)
      rubyzip (>= 1.3.0)
      selenium-webdriver (~> 4.0)

PLATFORMS
  x64-mingw32

DEPENDENCIES
  ffi (~> 1.15.4)
  nokogiri (~> 1.11)
  rspec (~> 3.10.0)
  rubocop (~> 1.23)
  watir (~> 7.0)
  webdrivers (~> 5.0.0)

BUNDLED WITH
   2.1.2
